GEM
  remote: https://rubygems.org/
  specs:
    metaclass (0.0.4)
    mocha (1.1.0)
      metaclass (~> 0.0.1)
    yard (0.8.7.6)

PLATFORMS
  ruby

DEPENDENCIES
  mocha
  yard
